GEM
  remote: http://rubygems.org/
  specs:
    geokit (1.10.0)
    metaclass (0.0.4)
    minitest (5.9.0)
    minitest-rg (5.2.0)
      minitest (~> 5.0)
    mocha (1.1.0)
      metaclass (~> 0.0.1)

PLATFORMS
  ruby

DEPENDENCIES
  geokit
  minitest
  minitest-rg
  mocha

BUNDLED WITH
   1.10.6
