GEM
  remote: http://rubygems.org/
  specs:
    byebug (8.2.1)
    coderay (1.1.0)
    geokit (1.10.0)
    metaclass (0.0.4)
    method_source (0.8.2)
    minitest (5.9.0)
    minitest-rg (5.2.0)
      minitest (~> 5.0)
    mocha (1.1.0)
      metaclass (~> 0.0.1)
    pry (0.10.3)
      coderay (~> 1.1.0)
      method_source (~> 0.8.1)
      slop (~> 3.4)
    pry-byebug (3.3.0)
      byebug (~> 8.0)
      pry (~> 0.10)
    slop (3.6.0)

PLATFORMS
  ruby

DEPENDENCIES
  geokit
  minitest
  minitest-rg
  mocha
  pry-byebug

BUNDLED WITH
   1.10.6
